GEM
  remote: https://rubygems.org/
  specs:
    gosu (0.13.3-x86-mingw32)

PLATFORMS
  x86-mingw32

DEPENDENCIES
  gosu (>= 0.13.3)

BUNDLED WITH
   1.15.4
